GEM
  remote: https://rubygems.org/
  specs:
    activesupport (5.2.4.3)
      concurrent-ruby (~> 1.0, >= 1.0.2)
      i18n (>= 0.7, < 2)
      minitest (~> 5.1)
      tzinfo (~> 1.1)
    commander (4.4.4)
      highline (~> 1.7.2)
    concurrent-ruby (1.1.8)
    faker (1.8.7)
      i18n (>= 0.7)
    faraday (0.15.1)
      multipart-post (>= 1.2, < 3)
    highline (1.7.10)
    i18n (1.8.9)
      concurrent-ruby (~> 1.0)
    jwt (2.1.0)
    jwt-multisig (1.0.0)
      activesupport (>= 4.0, < 6.0)
      jwt (~> 2.1)
    memoist (0.16.0)
    minitest (5.14.4)
    multipart-post (2.0.0)
    thread_safe (0.3.6)
    tzinfo (1.2.9)
      thread_safe (~> 0.1)

PLATFORMS
  ruby

DEPENDENCIES
  activesupport (~> 5.2)
  commander (~> 4.4)
  faker (~> 1.8)
  faraday (~> 0.12)
  jwt (~> 2.1)
  jwt-multisig (~> 1.0)
  memoist (~> 0.16)

BUNDLED WITH
   1.16.1
